PATH
  remote: .
  specs:
    decorator (0.0.1)

GEM
  remote: https://rubygems.org/
  specs:
    diff-lcs (1.1.3)
    minitest (5.3.2)
    rspec (2.12.0)
      rspec-core (~> 2.12.0)
      rspec-expectations (~> 2.12.0)
      rspec-mocks (~> 2.12.0)
    rspec-core (2.12.0)
    rspec-expectations (2.12.0)
      diff-lcs (~> 1.1.3)
    rspec-mocks (2.12.0)

PLATFORMS
  ruby

DEPENDENCIES
  decorator!
  minitest
  rspec
